GEM
  remote: https://rubygems.org/
  specs:
    activemodel (5.1.0)
      activesupport (= 5.1.0)
    activerecord (5.1.0)
      activemodel (= 5.1.0)
      activesupport (= 5.1.0)
      arel (~> 8.0)
    activesupport (5.1.0)
      concurrent-ruby (~> 1.0, >= 1.0.2)
      i18n (~> 0.7)
      minitest (~> 5.1)
      tzinfo (~> 1.1)
    arel (8.0.0)
    aws-sdk (2.9.16)
      aws-sdk-resources (= 2.9.16)
    aws-sdk-core (2.9.16)
      aws-sigv4 (~> 1.0)
      jmespath (~> 1.0)
    aws-sdk-resources (2.9.16)
      aws-sdk-core (= 2.9.16)
    aws-sigv4 (1.0.0)
    byebug (9.0.6)
    concurrent-ruby (1.0.5)
    concurrent-ruby-ext (1.0.5)
      concurrent-ruby (= 1.0.5)
    exponential-backoff (0.0.2)
    figaro (1.1.1)
      thor (~> 0.14)
    i18n (0.8.1)
    jmespath (1.3.1)
    little-plugger (1.1.4)
    logging (2.2.2)
      little-plugger (~> 1.1)
      multi_json (~> 1.10)
    minitest (5.10.2)
    multi_json (1.12.1)
    mustermann (1.0.0)
    pg (0.19.0)
    phobos (1.2.1)
      activesupport (>= 4.0.0)
      concurrent-ruby (>= 1.0.2)
      concurrent-ruby-ext (>= 1.0.2)
      exponential-backoff
      logging
      ruby-kafka (>= 0.3.14)
      thor
    phobos_db_checkpoint (3.0.0)
      activerecord (>= 4.0.0)
      phobos (>= 1.0.0)
      rake
      sinatra
      thor
    rack (2.0.2)
    rack-protection (2.0.0)
      rack
    rake (12.0.0)
    ruby-kafka (0.3.17)
    shoryuken (3.0.7)
      aws-sdk-core (~> 2)
      concurrent-ruby
      thor
    sinatra (2.0.0)
      mustermann (~> 1.0)
      rack (~> 2.0)
      rack-protection (= 2.0.0)
      tilt (~> 2.0)
    thor (0.19.4)
    thread_safe (0.3.6)
    tilt (2.0.7)
    tzinfo (1.2.3)
      thread_safe (~> 0.1)

PLATFORMS
  ruby

DEPENDENCIES
  aws-sdk (~> 2)
  byebug
  figaro (~> 1.1)
  pg (~> 0.19.0)
  phobos (~> 1.2.1)
  phobos_db_checkpoint (~> 3.0.0)
  shoryuken

BUNDLED WITH
   1.14.6
